GEM
  remote: https://rubygems.org/
  specs:
    diff-lcs (1.2.5)
    fuubar (1.3.3)
      rspec (>= 2.14.0, < 3.1.0)
      ruby-progressbar (~> 1.4)
    rspec (2.14.1)
      rspec-core (~> 2.14.0)
      rspec-expectations (~> 2.14.0)
      rspec-mocks (~> 2.14.0)
    rspec-core (2.14.8)
    rspec-expectations (2.14.5)
      diff-lcs (>= 1.1.3, < 2.0)
    rspec-mocks (2.14.6)
    ruby-progressbar (1.5.1)

PLATFORMS
  ruby

DEPENDENCIES
  fuubar
  rspec
