GIT
  remote: https://github.com/sittercity/rspec_formatters
  revision: 235ab931431c08b1f866ff36796c87b4570853af
  specs:
    rspec-extra-formatters (1.0.0)

GEM
  remote: https://rubygems.org/
  specs:
    ansi (1.5.0)
    diff-lcs (1.2.5)
    json (1.8.2)
    minitap (0.5.3)
      minitest (~> 5.0)
      minitest-reporter-api (>= 0.0.2)
      tapout (>= 0.3.0)
    minitest (5.3.5)
    minitest-reporter-api (0.0.5)
      minitest (~> 5.0)
    rspec (3.0.0)
      rspec-core (~> 3.0.0)
      rspec-expectations (~> 3.0.0)
      rspec-mocks (~> 3.0.0)
    rspec-core (3.0.0)
      rspec-support (~> 3.0.0)
    rspec-expectations (3.0.0)
      diff-lcs (>= 1.2.0, < 2.0)
      rspec-support (~> 3.0.0)
    rspec-mocks (3.0.1)
      rspec-support (~> 3.0.0)
    rspec-support (3.0.0)
    tapout (0.4.5)
      ansi
      json

PLATFORMS
  ruby

DEPENDENCIES
  minitap
  minitest
  rspec
  rspec-extra-formatters!
  tapout
