GIT
  remote: https://github.com/sittercity/rspec_formatters
  revision: 235ab931431c08b1f866ff36796c87b4570853af
  specs:
    rspec-extra-formatters (1.0.0)

GEM
  remote: https://rubygems.org/
  specs:
    ansi (1.5.0)
    builder (3.2.2)
    cucumber (2.0.0)
      builder (>= 2.1.2)
      cucumber-core (~> 1.1.3)
      diff-lcs (>= 1.1.3)
      gherkin (~> 2.12)
      multi_json (>= 1.7.5, < 2.0)
      multi_test (>= 0.1.2)
    cucumber-core (1.1.3)
      gherkin (~> 2.12.0)
    diff-lcs (1.2.5)
    gherkin (2.12.2)
      multi_json (~> 1.3)
    json (1.8.2)
    minitap (0.5.3)
      minitest (~> 5.0)
      minitest-reporter-api (>= 0.0.2)
      tapout (>= 0.3.0)
    minitest (5.3.5)
    minitest-reporter-api (0.0.5)
      minitest (~> 5.0)
    multi_json (1.11.1)
    multi_test (0.1.2)
    power_assert (0.2.3)
    rspec (3.0.0)
      rspec-core (~> 3.0.0)
      rspec-expectations (~> 3.0.0)
      rspec-mocks (~> 3.0.0)
    rspec-core (3.0.0)
      rspec-support (~> 3.0.0)
    rspec-expectations (3.0.0)
      diff-lcs (>= 1.2.0, < 2.0)
      rspec-support (~> 3.0.0)
    rspec-mocks (3.0.1)
      rspec-support (~> 3.0.0)
    rspec-support (3.0.0)
    tapout (0.4.5)
      ansi
      json
    test-unit (3.1.2)
      power_assert

PLATFORMS
  ruby

DEPENDENCIES
  cucumber
  minitap
  minitest
  rspec
  rspec-extra-formatters!
  tapout
  test-unit
